GEM
  remote: https://rubygems.org/
  specs:
    faker (1.6.3)
      i18n (~> 0.5)
    i18n (0.7.0)

PLATFORMS
  x64-mingw32

DEPENDENCIES
  faker

BUNDLED WITH
   1.11.2
